GIT
  remote: git://github.com/opscode/omnibus-software.git
  revision: ea7a40b61917f78493c59920a2e691d56a096691
  branch: master
  specs:
    omnibus-software (4.0.0)

GIT
  remote: https://gitlab.com/gitlab-org/omnibus.git
  revision: c009e40aeb5e87116255386ab454ebf35bcfd496
  branch: gitlab_omnibus
  specs:
    omnibus (4.0.0)
      chef-sugar (~> 2.2)
      cleanroom (~> 1.0)
      mixlib-shellout (~> 1.4)
      ohai (~> 7.2)
      thor (~> 0.18)
      uber-s3

GEM
  remote: https://rubygems.org/
  specs:
    chef-sugar (2.5.0)
    cleanroom (1.0.0)
    colorize (0.6.0)
    diff-lcs (1.2.5)
    ffi (1.9.8)
    ffi-yajl (1.4.0)
      ffi (~> 1.5)
      libyajl2 (~> 1.2)
    highline (1.6.20)
    ipaddress (0.8.0)
    json (1.8.2)
    json_pure (1.8.1)
    libyajl2 (1.2.0)
    mime-types (1.25.1)
    mixlib-cli (1.5.0)
    mixlib-config (2.1.0)
    mixlib-log (1.6.0)
    mixlib-shellout (1.6.1)
    ohai (7.4.1)
      ffi (~> 1.9)
      ffi-yajl (~> 1.1)
      ipaddress
      mime-types (~> 1.16)
      mixlib-cli
      mixlib-config (~> 2.0)
      mixlib-log
      mixlib-shellout (~> 1.2)
      systemu (~> 2.6.4)
      wmi-lite (~> 1.0)
    package_cloud (0.2.18)
      colorize (= 0.6.0)
      highline (= 1.6.20)
      json_pure (= 1.8.1)
      rest-client (= 1.6.7)
      thor (= 0.18.1)
    rest-client (1.6.7)
      mime-types (>= 1.16)
    rspec (3.2.0)
      rspec-core (~> 3.2.0)
      rspec-expectations (~> 3.2.0)
      rspec-mocks (~> 3.2.0)
    rspec-core (3.2.3)
      rspec-support (~> 3.2.0)
    rspec-expectations (3.2.1)
      diff-lcs (>= 1.2.0, < 2.0)
      rspec-support (~> 3.2.0)
    rspec-mocks (3.2.1)
      diff-lcs (>= 1.2.0, < 2.0)
      rspec-support (~> 3.2.0)
    rspec-support (3.2.2)
    systemu (2.6.5)
    thor (0.18.1)
    uber-s3 (0.2.4)
      mime-types (~> 1.17)
    wmi-lite (1.0.0)

PLATFORMS
  ruby

DEPENDENCIES
  json
  ohai
  omnibus!
  omnibus-software!
  package_cloud
  rspec
  thor (= 0.18.1)
